PATH
  remote: .
  specs:
    rick_trolling (0.0.1)
      rack

GEM
  remote: https://rubygems.org/
  specs:
    rack (1.5.2)
    rake (10.1.1)

PLATFORMS
  ruby

DEPENDENCIES
  bundler (~> 1.3)
  rake
  rick_trolling!
